GIT
  remote: https://github.com/clicrdv/holidays.git
  revision: c8307e61c1bc65a07dd79952c60271d604c94133
  tag: v1.0.6
  specs:
    holidays (1.0.6)

PATH
  remote: gems/salesforce_adapter
  specs:
    salesforce_adapter (0.0.1)
      rforce (>= 0.11)

PATH
  remote: gems/salesforce_model
  specs:
    salesforce_model (0.0.1)
      salesforce_adapter (>= 0.0.1)

PATH
  remote: gems/yui_combo_loader
  specs:
    yui_combo_loader (0.0.1)
      rack

GEM
  remote: https://rubygems.org/
  specs:
    Ascii85 (1.0.2)
    RedCloth (4.2.9)
    actionmailer (3.2.17)
      actionpack (= 3.2.17)
      mail (~> 2.5.3)
    actionpack (3.2.17)
      activemodel (= 3.2.17)
      activesupport (= 3.2.17)
      builder (~> 3.0.0)
      erubis (~> 2.7.0)
      journey (~> 1.0.4)
      rack (~> 1.4.5)
      rack-cache (~> 1.2)
      rack-test (~> 0.6.1)
      sprockets (~> 2.2.1)
    activemodel (3.2.17)
      activesupport (= 3.2.17)
      builder (~> 3.0.0)
    activerecord (3.2.17)
      activemodel (= 3.2.17)
      activesupport (= 3.2.17)
      arel (~> 3.0.2)
      tzinfo (~> 0.3.29)
    activeresource (3.2.17)
      activemodel (= 3.2.17)
      activesupport (= 3.2.17)
    activesupport (3.2.17)
      i18n (~> 0.6, >= 0.6.4)
      multi_json (~> 1.0)
    addressable (2.3.5)
    afm (0.2.0)
    arel (3.0.3)
    aws-sdk (1.33.0)
      json (~> 1.4)
      nokogiri (>= 1.4.4)
      uuidtools (~> 2.1)
    binding_of_caller (0.7.2)
      debug_inspector (>= 0.0.1)
    bson (1.8.5)
    bson_ext (1.8.5)
      bson (~> 1.8.5)
    builder (3.0.4)
    capistrano (2.14.2)
      highline
      net-scp (>= 1.0.0)
      net-sftp (>= 2.0.0)
      net-ssh (>= 2.0.14)
      net-ssh-gateway (>= 1.1.0)
    chunky_png (1.2.8)
    ci_reporter (1.7.3)
      builder (>= 2.1.2)
    codeclimate-test-reporter (0.1.1)
      simplecov (>= 0.7.1, < 1.0.0)
    coderay (1.1.0)
    columnize (0.3.6)
    compass (0.12.2)
      chunky_png (~> 1.2)
      fssm (>= 0.2.7)
      sass (~> 3.1)
    countries (0.8.3)
      currencies (>= 0.4.0)
    crack (0.4.2)
      safe_yaml (~> 1.0.0)
    currencies (0.4.2)
    debug_inspector (0.0.2)
    debugger (1.6.6)
      columnize (>= 0.3.1)
      debugger-linecache (~> 1.2.0)
      debugger-ruby_core_source (~> 1.3.2)
    debugger-linecache (1.2.0)
    debugger-ruby_core_source (1.3.2)
    delayed_job (3.0.3)
      activesupport (~> 3.0)
    delayed_job_active_record (0.3.3)
      activerecord (>= 2.1.0, < 4)
      delayed_job (~> 3.0)
    easy_translatable (0.3.1)
      activesupport (~> 3.2)
    erubis (2.7.0)
    factory_girl (2.6.4)
      activesupport (>= 2.3.9)
    factory_girl_rails (1.7.0)
      factory_girl (~> 2.6.0)
      railties (>= 3.0.0)
    faraday (0.8.8)
      multipart-post (~> 1.2.0)
    fssm (0.2.10)
    geoip (0.8.6)
    gli (2.8.0)
    globalize3 (0.2.0)
      activemodel (>= 3.0.0)
      activerecord (>= 3.0.0)
      paper_trail (~> 2)
    god (0.13.3)
    hashery (2.1.1)
    hashie (2.0.5)
    highline (1.6.19)
    hike (1.2.3)
    httparty (0.11.0)
      multi_json (~> 1.0)
      multi_xml (>= 0.5.2)
    httpauth (0.2.0)
    i18n (0.6.9)
    i18n-country-translations (1.0.1)
      i18n (~> 0.5)
      railties (>= 3.0.0)
    icalendar (1.1.5)
    jammit (0.6.5)
      yui-compressor (>= 0.9.3)
    journey (1.0.4)
    json (1.8.1)
    jwt (0.1.8)
      multi_json (>= 1.5)
    localeapp (0.6.12)
      gli
      i18n
      json
      rack
      rest-client
      ya2yaml
    mail (2.5.3)
      mime-types (~> 1.16)
      treetop (~> 1.4.8)
    metaclass (0.0.1)
    method_source (0.8.2)
    mime-types (1.25.1)
    mocha (0.14.0)
      metaclass (~> 0.0.1)
    mongo (1.8.5)
      bson (~> 1.8.5)
    mongo_mapper (0.12.0)
      activemodel (~> 3.0)
      activesupport (~> 3.0)
      plucky (~> 0.5.2)
    mongo_session_store-rails3 (3.0.6)
      actionpack (>= 3.0)
      mongo
    multi_json (1.8.4)
    multi_xml (0.5.5)
    multipart-post (1.2.0)
    mysql2 (0.3.13)
    net-scp (1.1.2)
      net-ssh (>= 2.6.5)
    net-sftp (2.1.2)
      net-ssh (>= 2.6.5)
    net-ssh (2.7.0)
    net-ssh-gateway (1.2.0)
      net-ssh (>= 2.6.5)
    newrelic_rpm (3.7.2.192)
    nokogiri (1.5.10)
    oauth (0.4.7)
    oauth2 (0.8.1)
      faraday (~> 0.8)
      httpauth (~> 0.1)
      jwt (~> 0.1.4)
      multi_json (~> 1.0)
      rack (~> 1.2)
    omniauth (1.1.4)
      hashie (>= 1.2, < 3)
      rack
    omniauth-facebook (1.4.1)
      omniauth-oauth2 (~> 1.1.0)
    omniauth-oauth (1.0.1)
      oauth
      omniauth (~> 1.0)
    omniauth-oauth2 (1.1.1)
      oauth2 (~> 0.8.0)
      omniauth (~> 1.0)
    omnipay (0.1.0)
      httparty (~> 0.11.0)
      rack (>= 1.4.5)
    paper_trail (2.7.2)
      activerecord (~> 3.0)
      railties (~> 3.0)
    pdf-reader (1.3.3)
      Ascii85 (~> 1.0.0)
      afm (~> 0.2.0)
      hashery (~> 2.0)
      ruby-rc4
      ttfunk
    plucky (0.5.2)
      mongo (~> 1.5)
    polyglot (0.3.4)
    prawn (0.12.0)
      pdf-reader (>= 0.9.0)
      ttfunk (~> 1.0.2)
    pry (0.9.12.4)
      coderay (~> 1.0)
      method_source (~> 0.8)
      slop (~> 3.4)
    pry-debugger (0.2.2)
      debugger (~> 1.3)
      pry (~> 0.9.10)
    pry-stack_explorer (0.4.9.1)
      binding_of_caller (>= 0.7)
      pry (>= 0.9.11)
    rack (1.4.5)
    rack-cache (1.2)
      rack (>= 0.4)
    rack-ssl (1.3.3)
      rack
    rack-test (0.6.2)
      rack (>= 1.0)
    rails (3.2.17)
      actionmailer (= 3.2.17)
      actionpack (= 3.2.17)
      activerecord (= 3.2.17)
      activeresource (= 3.2.17)
      activesupport (= 3.2.17)
      bundler (~> 1.0)
      railties (= 3.2.17)
    railties (3.2.17)
      actionpack (= 3.2.17)
      activesupport (= 3.2.17)
      rack-ssl (~> 1.3.2)
      rake (>= 0.8.7)
      rdoc (~> 3.4)
      thor (>= 0.14.6, < 2.0)
    rake (0.9.2.2)
    rb-fsevent (0.9.3)
    rdoc (3.12)
      json (~> 1.4)
    rest-client (1.6.7)
      mime-types (>= 1.16)
    rforce (0.11)
      builder (~> 3.0)
      oauth (~> 0.4)
    ruby-ole (1.2.11.7)
    ruby-rc4 (0.1.5)
    safe_yaml (1.0.1)
    sass (3.2.7)
    sendgrid_toolkit (1.3.0)
      httparty (>= 0.7.6)
    simplecov (0.7.1)
      multi_json (~> 1.0)
      simplecov-html (~> 0.7.1)
    simplecov-html (0.7.1)
    slop (3.4.7)
    spreadsheet (0.7.6)
      ruby-ole (>= 1.0)
    sprockets (2.2.2)
      hike (~> 1.2)
      multi_json (~> 1.0)
      rack (~> 1.0)
      tilt (~> 1.1, != 1.3.0)
    thor (0.18.1)
    tilt (1.4.1)
    timecop (0.3.5)
    treetop (1.4.15)
      polyglot
      polyglot (>= 0.3.1)
    ttfunk (1.0.3)
    tzinfo (0.3.38)
    uuidtools (2.1.4)
    vcr (2.8.0)
    webmock (1.16.0)
      addressable (>= 2.2.7)
      crack (>= 0.3.2)
    writeexcel (1.0.2)
    ya2yaml (0.31)
    yajl-ruby (1.1.0)
    yui-compressor (0.12.0)

PLATFORMS
  ruby

DEPENDENCIES
  RedCloth (= 4.2.9)
  aws-sdk (= 1.33.0)
  bson (= 1.8.5)
  bson_ext (= 1.8.5)
  capistrano (= 2.14.2)
  ci_reporter (= 1.7.3)
  codeclimate-test-reporter (= 0.1.1)
  compass (= 0.12.2)
  countries (= 0.8.3)
  delayed_job (= 3.0.3)
  delayed_job_active_record (= 0.3.3)
  easy_translatable (= 0.3.1)
  factory_girl_rails (= 1.7.0)
  geoip (= 0.8.6)
  globalize3 (= 0.2.0)
  god (= 0.13.3)
  highline (= 1.6.19)
  holidays!
  httparty (= 0.11.0)
  i18n-country-translations (= 1.0.1)
  icalendar (= 1.1.5)
  jammit (= 0.6.5)
  localeapp (= 0.6.12)
  mocha (= 0.14)
  mongo (= 1.8.5)
  mongo_mapper (= 0.12.0)
  mongo_session_store-rails3 (= 3.0.6)
  mysql2 (= 0.3.13)
  newrelic_rpm (= 3.7.2.192)
  nokogiri (= 1.5.10)
  omniauth (= 1.1.4)
  omniauth-facebook (= 1.4.1)
  omniauth-oauth (= 1.0.1)
  omnipay (~> 0.1.0)
  prawn (= 0.12.0)
  pry (~> 0.9)
  pry-debugger (~> 0.2.2)
  pry-stack_explorer (~> 0.4.9)
  rack (= 1.4.5)
  rails (= 3.2.17)
  rake (= 0.9.2.2)
  rb-fsevent (= 0.9.3)
  rdoc (= 3.12)
  rforce (= 0.11)
  salesforce_adapter!
  salesforce_model!
  sass (= 3.2.7)
  sendgrid_toolkit (>= 1.1.1)
  simplecov (= 0.7.1)
  spreadsheet (= 0.7.6)
  timecop (= 0.3.5)
  vcr (= 2.8.0)
  webmock (= 1.16.0)
  writeexcel (= 1.0.2)
  yajl-ruby (= 1.1.0)
  yui_combo_loader!
